GEM
  remote: https://rubygems.org/
  specs:
    json (2.3.0)
    rack (2.0.1)
    rack-cache (1.1)
      rack (>= 0.4)
    redis (2.2.2)
    redis-rack-cache (1.1)
      rack-cache (= 1.1)
      redis-store (= 1.1.0)
    redis-store (1.1.0)
      redis (~> 2.2.0)

PLATFORMS
  ruby

DEPENDENCIES
  json (= 2.3.0)
  redis-rack-cache (= 1.1)

BUNDLED WITH
   1.17.3
