GEM
  remote: https://rubygems.org/
  specs:
    json (2.3.0)
    rack (2.2.2)
    rack-cache (1.12.0)
      rack (>= 0.4)
    redis (4.2.1)
    redis-rack-cache (2.0.2)
      rack-cache (>= 1.6, < 2)
      redis-store (>= 1.2, < 2)
    redis-store (1.8.2)
      redis (>= 4, < 5)

PLATFORMS
  ruby

DEPENDENCIES
  json (= 2.3.0)
  redis-rack-cache (= 2.0.2)

BUNDLED WITH
   1.17.2
