GEM
  remote: https://rubygems.org/
  specs:
    json (1.5.5)
    rack (2.0.5)
    rack-cache (1.7.2)
      rack (>= 0.4)
    redis (4.0.1)
    redis-rack-cache (2.0.2)
      rack-cache (>= 1.6, < 2)
      redis-store (>= 1.2, < 2)
    redis-store (1.5.0)
      redis (>= 2.2, < 5)

PLATFORMS
  ruby

DEPENDENCIES
  json (= 1.5.5)
  redis-rack-cache (= 2.0.2)

BUNDLED WITH
   1.16.1
