GEM
  remote: https://rubygems.org/
  specs:
    json (1.5.5)
    rack (2.0.7)
    rack-cache (1.10.0)
      rack (>= 0.4)
    redis (4.1.3)
    redis-rack-cache (2.0.2)
      rack-cache (>= 1.6, < 2)
      redis-store (>= 1.2, < 2)
    redis-store (1.8.1)
      redis (>= 4, < 5)

PLATFORMS
  ruby

DEPENDENCIES
  json (= 1.5.5)
  redis-rack-cache (= 2.0.2)

BUNDLED WITH
   1.17.3
